GEM
  remote: http://rubygems.org/
  specs:
    RedCloth (4.3.2)
    ffi (1.15.5)
    haml (5.2.2)
      temple (>= 0.8.0)
      tilt
    haml-contrib (1.0.0.1)
      haml (>= 3.2.0.alpha.13)
    mustermann (2.0.2)
      ruby2_keywords (~> 0.0.1)
    nesta (0.13.0)
      RedCloth (~> 4.2)
      haml (>= 3.1, < 6.0)
      haml-contrib (>= 1.0)
      rack (~> 2.0)
      rdiscount (~> 2.1)
      sassc (>= 2.2)
      sinatra (~> 2.0)
      tilt (~> 2.0)
    rack (2.2.4)
    rack-protection (2.2.2)
      rack
    rdiscount (2.2.7)
    ruby2_keywords (0.0.5)
    sassc (2.4.0)
      ffi (~> 1.9)
    sinatra (2.2.2)
      mustermann (~> 2.0)
      rack (~> 2.2)
      rack-protection (= 2.2.2)
      tilt (~> 2.0)
    temple (0.9.1)
    tilt (2.0.11)

PLATFORMS
  ruby

DEPENDENCIES
  haml-contrib
  nesta

RUBY VERSION
   ruby 3.1.2p20

BUNDLED WITH
   2.3.22
