GEM
  remote: http://rubygems.org/
  specs:
    RedCloth (4.2.9)
    haml (4.1.0.beta.1)
      tilt
    haml-contrib (1.0.0.1)
      haml (>= 3.2.0.alpha.13)
    nesta (0.11.1)
      RedCloth (~> 4.2)
      haml (>= 3.1)
      haml-contrib (>= 1.0)
      rack (>= 1.3)
      rdiscount (~> 2.1)
      sass (>= 3.1)
      sinatra (~> 1.4)
      tilt (~> 1.4)
    rack (1.6.0)
    rack-protection (1.5.3)
      rack
    rdiscount (2.1.8)
    sass (3.4.13)
    sinatra (1.4.6)
      rack (~> 1.4)
      rack-protection (~> 1.4)
      tilt (>= 1.3, < 3)
    tilt (1.4.1)

PLATFORMS
  ruby

DEPENDENCIES
  haml-contrib
  nesta

RUBY VERSION
   ruby 3.1.2p20

BUNDLED WITH
   2.3.22
